PATH
  remote: .
  specs:
    shared_view_components (0.1.0)

GEM
  remote: https://rubygems.org/
  specs:
    minitest (5.14.0)
    rake (12.3.3)

PLATFORMS
  ruby

DEPENDENCIES
  bundler (~> 2.0)
  minitest (~> 5.0)
  rake (~> 12.0)
  shared_view_components!

BUNDLED WITH
   2.1.4
